PATH
  remote: .
  specs:
    vcr-gem-testers (1.5.1)

GEM
  remote: http://rubygems.org/
  specs:
    addressable (2.2.2)
    archive-tar-minitar (0.5.2)
    aruba (0.2.4)
      background_process
      cucumber (~> 0.9.3)
    background_process (1.2)
    bouncy-castle-java (1.5.0145.2)
    builder (2.1.2)
    columnize (0.3.1)
    configuration (1.2.0)
    crack (0.1.8)
    cucumber (0.9.4)
      builder (~> 2.1.2)
      diff-lcs (~> 1.1.2)
      gherkin (~> 2.2.9)
      json (~> 1.4.6)
      term-ansicolor (~> 1.0.5)
    curb (0.7.8)
    diff-lcs (1.1.2)
    em-http-request (0.2.12)
      addressable (>= 2.0.0)
      eventmachine (>= 0.12.9)
    eventmachine (0.12.10)
    eventmachine (0.12.10-java)
    fakeweb (1.3.0)
    faraday (0.5.3)
      addressable (~> 2.2.2)
      multipart-post (~> 1.0.1)
      rack (>= 1.1.0, < 2)
    fuubar (0.0.3)
      rspec (~> 2.0)
      rspec-instafail (~> 0.1.4)
      ruby-progressbar (~> 0.0.9)
    gherkin (2.2.9)
      json (~> 1.4.6)
      term-ansicolor (~> 1.0.5)
    gherkin (2.2.9-java)
      json (~> 1.4.6)
      term-ansicolor (~> 1.0.5)
    growl (1.0.3)
    guard (0.2.2)
      open_gem (~> 1.4.2)
      thor (~> 0.14.3)
    guard-cucumber (0.2.1)
      cucumber (~> 0.9.4)
      guard (~> 0.2.2)
    guard-rspec (0.1.8)
      guard (>= 0.2.0)
    httpclient (2.1.5.2)
    jruby-openssl (0.7.2)
      bouncy-castle-java
    json (1.4.6)
    json (1.4.6-java)
    launchy (0.3.7)
      configuration (>= 0.0.5)
      rake (>= 0.8.1)
    linecache (0.43)
    linecache19 (0.5.11)
      ruby_core_source (>= 0.1.4)
    mime-types (1.16)
    multipart-post (1.0.1)
    open_gem (1.4.2)
      launchy (~> 0.3.5)
    patron (0.4.9)
    rack (1.1.0)
    rake (0.8.7)
    rb-fsevent (0.3.6)
    rcov (0.9.9)
    relish (0.2.0)
      archive-tar-minitar (~> 0.5.2)
      json (~> 1.4.6)
      rest-client (~> 1.6.1)
    rest-client (1.6.1)
      mime-types (>= 1.16)
    rspec (2.4.0)
      rspec-core (~> 2.4.0)
      rspec-expectations (~> 2.4.0)
      rspec-mocks (~> 2.4.0)
    rspec-core (2.4.0)
    rspec-expectations (2.4.0)
      diff-lcs (~> 1.1.2)
    rspec-instafail (0.1.5)
    rspec-mocks (2.4.0)
    ruby-debug (0.10.3)
      columnize (>= 0.1)
      ruby-debug-base (~> 0.10.3.0)
    ruby-debug-base (0.10.3)
      linecache (>= 0.3)
    ruby-debug-base19 (0.11.23)
      columnize (>= 0.3.1)
      linecache19 (>= 0.5.11)
      ruby_core_source (>= 0.1.4)
    ruby-debug19 (0.11.6)
      columnize (>= 0.3.1)
      linecache19 (>= 0.5.11)
      ruby-debug-base19 (>= 0.11.19)
    ruby-progressbar (0.0.9)
    ruby_core_source (0.1.4)
      archive-tar-minitar (>= 0.5.2)
    shoulda (2.9.2)
    sinatra (1.1.0)
      rack (~> 1.1)
      tilt (~> 1.1)
    term-ansicolor (1.0.5)
    thor (0.14.6)
    tilt (1.1)
    timecop (0.3.5)
    typhoeus (0.2.1)
      mime-types
    webmock (1.6.2)
      addressable (>= 2.2.2)
      crack (>= 0.1.7)

PLATFORMS
  java
  ruby

DEPENDENCIES
  aruba (~> 0.2.1)
  bundler (~> 1.0.7)
  cucumber (~> 0.9.4)
  curb (~> 0.7.8)
  em-http-request (~> 0.2.7)
  fakeweb (~> 1.3.0)
  faraday (~> 0.5.3)
  fuubar
  growl
  guard-cucumber
  guard-rspec
  httpclient (~> 2.1.5.2)
  jruby-openssl
  patron (~> 0.4.6)
  rack (= 1.1.0)
  rake (~> 0.8.7)
  rb-fsevent
  rcov
  relish
  rspec (~> 2.4.0)
  ruby-debug
  ruby-debug-base19 (= 0.11.23)
  ruby-debug19
  shoulda (~> 2.9.2)
  sinatra (~> 1.1.0)
  timecop (~> 0.3.5)
  typhoeus (~> 0.2.1)
  vcr-gem-testers!
  webmock (~> 1.6.0)
